GEM
  remote: http://rubygems.org/
  specs:
    active_support (3.0.0)
      activesupport (= 3.0.0)
    activesupport (3.0.0)
    diff-lcs (1.1.3)
    git (1.2.5)
    hashr (0.0.19)
    jeweler (1.6.4)
      bundler (~> 1.0)
      git (>= 1.2.5)
      rake
    multi_json (1.1.0)
    paint (0.8.4)
    rake (0.9.2.2)
    rdiscount (1.6.8)
    rspec (2.8.0)
      rspec-core (~> 2.8.0)
      rspec-expectations (~> 2.8.0)
      rspec-mocks (~> 2.8.0)
    rspec-core (2.8.0)
    rspec-expectations (2.8.0)
      diff-lcs (~> 1.1.2)
    rspec-mocks (2.8.0)
    shoulda (3.0.1)
      shoulda-context (~> 1.0.0)
      shoulda-matchers (~> 1.0.0)
    shoulda-context (1.0.0)
    shoulda-matchers (1.0.0)
    simplecov (0.6.1)
      multi_json (~> 1.0)
      simplecov-html (~> 0.5.3)
    simplecov-html (0.5.3)
    travis-lint (1.3.0)
      hashr (>= 0.0.19)
    upoj-rb (0.0.5)
      active_support (>= 2)
      paint
    which_works (0.1.0)
    yard (0.7.5)

PLATFORMS
  ruby

DEPENDENCIES
  active_support (>= 2)
  bundler
  jeweler (~> 1.6.4)
  rdiscount
  rspec
  shoulda
  simplecov
  travis-lint (~> 1.3.0)
  upoj-rb (~> 0.0.4)
  which_works (~> 0.1.0)
  yard
