GIT
  remote: git@github.com:AlphaHydrae/fakefs.git
  revision: f4814af1ce3970b4b7eba383717c0e10dec7b5e8
  branch: executable-bug
  specs:
    fakefs (0.4.2)

GEM
  remote: http://rubygems.org/
  specs:
    commander (4.1.3)
      highline (~> 1.6.11)
    diff-lcs (1.2.4)
    gem-release (0.5.5)
    gemcutter (0.7.1)
    git (1.2.5)
    hashr (0.0.22)
    highline (1.6.18)
    jeweler (1.8.4)
      bundler (~> 1.0)
      git (>= 1.2.5)
      rake
      rdoc
    json (1.7.7)
    multi_json (1.7.2)
    paint (0.8.6)
    rake (10.0.4)
    rake-version (0.3.1)
      rake (~> 10)
    rdoc (4.0.1)
      json (~> 1.4)
    rspec (2.13.0)
      rspec-core (~> 2.13.0)
      rspec-expectations (~> 2.13.0)
      rspec-mocks (~> 2.13.0)
    rspec-core (2.13.1)
    rspec-expectations (2.13.0)
      diff-lcs (>= 1.1.3, < 2.0)
    rspec-mocks (2.13.1)
    simplecov (0.7.1)
      multi_json (~> 1.0)
      simplecov-html (~> 0.7.1)
    simplecov-html (0.7.1)
    travis-lint (1.7.0)
      hashr (~> 0.0.22)
    which_works (0.1.0)

PLATFORMS
  ruby

DEPENDENCIES
  bundler
  commander (~> 4.1.3)
  fakefs!
  gem-release
  gemcutter
  jeweler
  paint (~> 0.8.6)
  rake
  rake-version
  rspec
  simplecov
  travis-lint
  which_works (~> 0.1.0)
